GEM
  remote: http://rubygems.org/
  specs:
    ProcessPilot (2.0.0.20120301)
      rUtilAnts (>= 1.0)
    addressable (2.3.6)
    albacore (2.0.0.rc.15)
      ProcessPilot (~> 2.0)
      facter (~> 1.7)
      highline (~> 1.6)
      map (~> 6.5)
      nokogiri (~> 1.5)
      rake (> 10)
      semver2 (~> 3.3)
    backports (3.6.0)
    centroid (1.1.0.pre.alpha3)
    coderay (1.1.0)
    ethon (0.7.1)
      ffi (>= 1.3.0)
    facter (1.7.6)
    faraday (0.9.0)
      multipart-post (>= 1.2, < 3)
    faraday_middleware (0.9.1)
      faraday (>= 0.7.4, < 0.10)
    ffi (1.9.3)
    gh (0.13.2)
      addressable
      backports
      faraday (~> 0.8)
      multi_json (~> 1.0)
      net-http-persistent (>= 2.7)
      net-http-pipeline
    highline (1.6.21)
    httparty (0.13.1)
      json (~> 1.8)
      multi_xml (>= 0.5.2)
    json (1.8.1)
    launchy (2.4.2)
      addressable (~> 2.3)
    map (6.5.4)
    method_source (0.8.2)
    mini_portile (0.6.0)
    multi_json (1.10.1)
    multi_xml (0.5.5)
    multipart-post (2.0.0)
    net-http-persistent (2.9.4)
    net-http-pipeline (1.0.1)
    nokogiri (1.6.3.1)
      mini_portile (= 0.6.0)
    pry (0.9.12.6)
      coderay (~> 1.0)
      method_source (~> 0.8)
      slop (~> 3.4)
    pusher-client (0.6.0)
      json
      websocket (~> 1.0)
    rUtilAnts (2.0.0.20130827)
    rake (10.3.2)
    semver2 (3.4.0)
    slop (3.6.0)
    travis (1.7.1)
      addressable (~> 2.3)
      backports
      faraday (~> 0.9)
      faraday_middleware (~> 0.9, >= 0.9.1)
      gh (~> 0.13)
      highline (~> 1.6)
      launchy (~> 2.1)
      pry (~> 0.9, < 0.10)
      pusher-client (~> 0.4)
      typhoeus (~> 0.6, >= 0.6.8)
    typhoeus (0.6.9)
      ethon (>= 0.7.1)
    websocket (1.2.0)

PLATFORMS
  ruby

DEPENDENCIES
  albacore
  centroid (~> 1.1.0.pre.alpha3)
  httparty
  travis
